NUGET
  remote: https://nuget.org/api/v2
  specs:
    FAKE (3.13.4)
    FSharp.Compiler.Service (0.0.81)
    FSharp.Core (3.1.2.1)
    FSharp.Formatting (2.6.0)
      FSharp.Compiler.Service (>= 0.0.81)
    FsPickler (1.0.6)
    FsReveal (0.3.1)
      FSharp.Formatting (>= 2.6.0)
    Suave (0.21.1)
      FSharp.Core (>= 3.1.2.1)
      FsPickler (>= 1.0.6)
